PATH
  remote: /home/gaju/Workstation/pusher/push-apns
  specs:
    push-apns (1.0.4)
      push-core (~> 1.0.0)

PATH
  remote: /home/gaju/Workstation/pusher/push-core
  specs:
    push-core (1.0.4)
      multi_json (>= 1.3.2)
      rails (= 2.3.11)

PATH
  remote: /home/gaju/Workstation/pusher/push-gcm
  specs:
    push-gcm (1.0.4)
      push-core (~> 1.0.0)

GEM
  remote: https://rubygems.org/
  specs:
    actionmailer (2.3.11)
      actionpack (= 2.3.11)
    actionpack (2.3.11)
      activesupport (= 2.3.11)
      rack (~> 1.1.0)
    activerecord (2.3.11)
      activesupport (= 2.3.11)
    activeresource (2.3.11)
      activesupport (= 2.3.11)
    activesupport (2.3.11)
    multi_json (1.10.1)
    rack (1.1.6)
    rails (2.3.11)
      actionmailer (= 2.3.11)
      actionpack (= 2.3.11)
      activerecord (= 2.3.11)
      activeresource (= 2.3.11)
      activesupport (= 2.3.11)
      rake (>= 0.8.3)
    rake (0.8.7)
    sqlite3 (1.3.10)
    sqlite3-ruby (1.3.3)
      sqlite3 (>= 1.3.3)

PLATFORMS
  ruby

DEPENDENCIES
  push-apns (~> 1.0.4)!
  push-core (~> 1.0.4)!
  push-gcm (~> 1.0.4)!
  rails (= 2.3.11)
  rake (= 0.8.7)
  sqlite3-ruby
